GEM
  remote: https://rubygems.org/
  specs:
    daemons (1.2.4)
    dalli (2.7.6)
    dotenv (2.1.1)
    eventmachine (1.2.1)
    foreman (0.82.0)
      thor (~> 0.19.1)
    httparty (0.14.0)
      multi_xml (>= 0.5.2)
    multi_xml (0.5.5)
    rack (1.6.5)
    rack-protection (1.5.3)
      rack
    rake (11.3.0)
    redis (3.3.2)
    sinatra (1.4.7)
      rack (~> 1.5)
      rack-protection (~> 1.4)
      tilt (>= 1.3, < 3)
    thin (1.7.0)
      daemons (~> 1.0, >= 1.0.9)
      eventmachine (~> 1.0, >= 1.0.4)
      rack (>= 1, < 3)
    thor (0.19.1)
    tilt (2.0.5)

PLATFORMS
  ruby

DEPENDENCIES
  dalli
  dotenv
  foreman
  httparty
  rake
  redis
  sinatra
  thin

RUBY VERSION
   ruby 2.3.1p112

BUNDLED WITH
   1.13.6
