GEM
  remote: https://rubygems.org/
  specs:
    aws-sdk (2.6.30)
      aws-sdk-resources (= 2.6.30)
    aws-sdk-core (2.6.30)
      aws-sigv4 (~> 1.0)
      jmespath (~> 1.0)
    aws-sdk-resources (2.6.30)
      aws-sdk-core (= 2.6.30)
    aws-sigv4 (1.0.0)
    daemons (1.2.4)
    dalli (2.7.6)
    dotenv (2.1.1)
    eventmachine (1.2.1)
    foreman (0.82.0)
      thor (~> 0.19.1)
    httmultiparty (0.3.16)
      httparty (>= 0.7.3)
      mimemagic
      multipart-post
    httparty (0.14.0)
      multi_xml (>= 0.5.2)
    jmespath (1.3.1)
    mimemagic (0.3.2)
    multi_xml (0.5.5)
    multipart-post (2.0.0)
    rack (1.6.5)
    rack-protection (1.5.3)
      rack
    rake (11.3.0)
    redis (3.3.2)
    sinatra (1.4.7)
      rack (~> 1.5)
      rack-protection (~> 1.4)
      tilt (>= 1.3, < 3)
    thin (1.7.0)
      daemons (~> 1.0, >= 1.0.9)
      eventmachine (~> 1.0, >= 1.0.4)
      rack (>= 1, < 3)
    thor (0.19.1)
    tilt (2.0.5)

PLATFORMS
  ruby

DEPENDENCIES
  aws-sdk (~> 2.6.30)
  dalli
  dotenv
  foreman
  httmultiparty
  httparty
  rake
  redis
  sinatra
  thin

RUBY VERSION
   ruby 2.3.1p112

BUNDLED WITH
   1.13.6
